GEM
  specs:

PLATFORMS
  x64-mingw32

DEPENDENCIES
